GEM
  remote: http://artifactory.blinkbox.local/artifactory/api/gems/bbb-gems/
  remote: http://artifactory.blinkbox.local/artifactory/api/gems/rubygems/
  specs:
    activesupport (4.1.8)
      i18n (~> 0.6, >= 0.6.9)
      json (~> 1.7, >= 1.7.7)
      minitest (~> 5.1)
      thread_safe (~> 0.1)
      tzinfo (~> 1.1)
    builder (3.2.2)
    cucumber (1.3.17)
      builder (>= 2.1.2)
      diff-lcs (>= 1.1.3)
      gherkin (~> 2.12)
      multi_json (>= 1.7.5, < 2.0)
      multi_test (>= 0.1.1)
    cucumber-blinkbox (0.3.3)
      activesupport (>= 4.0)
      cucumber (~> 1.3)
      http_capture
      httpclient
    cucumber-helpers (0.0.6)
      activesupport (~> 4.0)
    cucumber-rest (0.1.8)
      activesupport (>= 3.2)
      cucumber (~> 1.3)
      http_capture (~> 0.0, >= 0.0.4)
      multi_json (~> 1.7)
      rack (~> 1.5)
      rspec (~> 3.0)
    diff-lcs (1.2.5)
    gherkin (2.12.2)
      multi_json (~> 1.3)
    http_capture (0.2.0)
    httpclient (2.5.3.3)
    i18n (0.6.11)
    json (1.8.1)
    minitest (5.4.3)
    multi_json (1.10.1)
    multi_test (0.1.1)
    rack (1.5.2)
    rake (10.4.2)
    rspec (3.1.0)
      rspec-core (~> 3.1.0)
      rspec-expectations (~> 3.1.0)
      rspec-mocks (~> 3.1.0)
    rspec-core (3.1.7)
      rspec-support (~> 3.1.0)
    rspec-expectations (3.1.2)
      diff-lcs (>= 1.2.0, < 2.0)
      rspec-support (~> 3.1.0)
    rspec-mocks (3.1.3)
      rspec-support (~> 3.1.0)
    rspec-support (3.1.2)
    thread_safe (0.3.4)
    tzinfo (1.2.2)
      thread_safe (~> 0.1)

PLATFORMS
  ruby

DEPENDENCIES
  cucumber
  cucumber-blinkbox
  cucumber-helpers
  cucumber-rest
  httpclient
  rake
  rspec
